GEM
  remote: https://rubygems.org/
  specs:
    coderay (1.1.3)
    icalendar (2.7.1)
      ice_cube (~> 0.16)
    ice_cube (0.16.3)
    method_source (1.0.0)
    pry (0.14.1)
      coderay (~> 1.1)
      method_source (~> 1.0)

PLATFORMS
  ruby

DEPENDENCIES
  icalendar
  pry

RUBY VERSION
   ruby 2.6.6p146

BUNDLED WITH
   1.17.3
