GEM
  remote: https://rubygems.org/
  specs:
    icalendar (2.4.1)

PLATFORMS
  ruby

DEPENDENCIES
  icalendar

RUBY VERSION
   ruby 2.4.2p198

BUNDLED WITH
   1.16.1
